GEM
  remote: https://rubygems.org/
  specs:
    byebug (3.5.1)
      columnize (~> 0.8)
      debugger-linecache (~> 1.2)
      slop (~> 3.6)
    childprocess (0.5.5)
      ffi (~> 1.0, >= 1.0.11)
    columnize (0.8.9)
    debugger-linecache (1.2.0)
    ffi (1.9.6)
    mini_portile (0.6.0)
    multi_json (1.10.1)
    nokogiri (1.6.3.1)
      mini_portile (= 0.6.0)
    rubyzip (1.1.6)
    selenium-webdriver (2.43.0)
      childprocess (~> 0.5)
      multi_json (~> 1.0)
      rubyzip (~> 1.0)
      websocket (~> 1.0)
    slop (3.6.0)
    websocket (1.2.1)

PLATFORMS
  ruby

DEPENDENCIES
  byebug
  nokogiri
  selenium-webdriver
